GIT
  remote: https://github.com/hazzik/jekyll-tagging.git
  revision: b6afb520e13512c1e687cd555673829f4b55e2b7
  specs:
    jekyll-tagging (0.5.0)
      ruby-nuggets
      stringex

GEM
  remote: https://rubygems.org/
  specs:
    blankslate (2.1.2.4)
    celluloid (0.15.2)
      timers (~> 1.1.0)
    classifier (1.3.4)
      fast-stemmer (>= 1.0.0)
    coffee-script (2.2.0)
      coffee-script-source
      execjs
    coffee-script-source (1.7.0)
    colorator (0.1)
    execjs (2.1.0)
    fast-stemmer (1.0.2)
    ffi (1.9.3-x64-mingw32)
    jekyll (2.0.3)
      classifier (~> 1.3)
      colorator (~> 0.1)
      jekyll-coffeescript (~> 1.0)
      jekyll-sass-converter (~> 1.0)
      kramdown (~> 1.3)
      liquid (~> 2.5.5)
      listen (~> 2.5)
      mercenary (~> 0.3.3)
      pygments.rb (~> 0.5.0)
      redcarpet (~> 3.1)
      safe_yaml (~> 1.0)
      toml (~> 0.1.0)
    jekyll-coffeescript (1.0.0)
      coffee-script (~> 2.2)
    jekyll-redirect-from (0.4.0)
      jekyll (~> 2.0)
    jekyll-sass-converter (1.0.0)
      sass (~> 3.2)
    kramdown (1.3.3)
    liquid (2.5.5)
    listen (2.7.6)
      celluloid (>= 0.15.2)
      rb-fsevent (>= 0.9.3)
      rb-inotify (>= 0.9)
    mercenary (0.3.3)
    octopress (3.0.0.rc.12)
      jekyll (~> 2.0)
      mercenary (~> 0.3.2)
    octopress-deploy (1.0.0.rc.9)
      colorator
      octopress (~> 3.0.0.rc.10)
    parslet (1.5.0)
      blankslate (~> 2.0)
    posix-spawn (0.3.8)
    pygments.rb (0.5.4)
      posix-spawn (~> 0.3.6)
      yajl-ruby (~> 1.1.0)
    rb-fsevent (0.9.4)
    rb-inotify (0.9.4)
      ffi (>= 0.5.0)
    redcarpet (3.1.2)
    rouge (1.4.0)
    ruby-nuggets (0.9.9)
    safe_yaml (1.0.3)
    sass (3.3.8)
    stringex (2.5.2)
    timers (1.1.0)
    toml (0.1.1)
      parslet (~> 1.5.0)
    yajl-ruby (1.1.0)

PLATFORMS
  x64-mingw32

DEPENDENCIES
  jekyll-redirect-from
  jekyll-tagging!
  octopress
  octopress-deploy
  rouge
