GIT
  remote: https://github.com/hazzik/jekyll-tagging.git
  revision: b6afb520e13512c1e687cd555673829f4b55e2b7
  specs:
    jekyll-tagging (0.5.0)
      ruby-nuggets
      stringex

GIT
  remote: https://github.com/hazzik/octopress.git
  revision: 901ce11049be81cece7648de67635f420f525e24
  specs:
    octopress (3.0.0.rc.12)
      jekyll (~> 2.0)
      mercenary (~> 0.3.2)
      stringex (~> 2.5.2)

GEM
  remote: https://rubygems.org/
  specs:
    blankslate (2.1.2.4)
    celluloid (0.16.0)
      timers (~> 4.0.0)
    classifier-reborn (2.0.1)
      fast-stemmer (~> 1.0)
    coffee-script (2.3.0)
      coffee-script-source
      execjs
    coffee-script-source (1.8.0)
    colorator (0.1)
    execjs (2.2.1)
    fast-stemmer (1.0.2)
    ffi (1.9.3-x64-mingw32)
    ffi (1.9.3-x86-mingw32)
    hitimes (1.2.2)
    i18n (0.6.11)
    jekyll (2.4.0)
      classifier-reborn (~> 2.0)
      colorator (~> 0.1)
      jekyll-coffeescript (~> 1.0)
      jekyll-gist (~> 1.0)
      jekyll-paginate (~> 1.0)
      jekyll-sass-converter (~> 1.0)
      jekyll-watch (~> 1.1)
      kramdown (~> 1.3)
      liquid (~> 2.6.1)
      mercenary (~> 0.3.3)
      pygments.rb (~> 0.6.0)
      redcarpet (~> 3.1)
      safe_yaml (~> 1.0)
      toml (~> 0.1.0)
    jekyll-coffeescript (1.0.1)
      coffee-script (~> 2.2)
    jekyll-gist (1.1.0)
    jekyll-paginate (1.0.0)
    jekyll-redirect-from (0.6.2)
      jekyll (~> 2.0)
    jekyll-sass-converter (1.2.1)
      sass (~> 3.2)
    jekyll-watch (1.1.1)
      listen (~> 2.7)
    kramdown (1.4.2)
    liquid (2.6.1)
    listen (2.7.9)
      celluloid (>= 0.15.2)
      rb-fsevent (>= 0.9.3)
      rb-inotify (>= 0.9)
    mercenary (0.3.4)
    nuggets (1.0.0)
    octopress-deploy (1.0.0.rc.11)
      colorator
      octopress (~> 3.0.0.rc.10)
    parslet (1.5.0)
      blankslate (~> 2.0)
    posix-spawn (0.3.9)
    pygments.rb (0.6.0)
      posix-spawn (~> 0.3.6)
      yajl-ruby (~> 1.1.0)
    rb-fsevent (0.9.4)
    rb-inotify (0.9.5)
      ffi (>= 0.5.0)
    redcarpet (3.1.2)
    rouge (1.6.2)
    ruby-nuggets (1.0.0)
      nuggets (= 1.0.0)
    safe_yaml (1.0.3)
    sass (3.4.4)
    stringex (2.5.2)
    timers (4.0.1)
      hitimes
    toml (0.1.1)
      parslet (~> 1.5.0)
    yajl-ruby (1.1.0)
    yajl-ruby (1.1.0-x86-mingw32)

PLATFORMS
  x64-mingw32
  x86-mingw32

DEPENDENCIES
  i18n
  jekyll-redirect-from
  jekyll-tagging!
  octopress!
  octopress-deploy
  rouge
